REDIRECTS: ON
FRAMEWORK: >= NET46
NUGET
  remote: https://www.nuget.org/api/v2
  specs:
    FAKE (4.25.2)
    FSharp.Core (3.1.2.5)
    Microsoft.ApplicationInsights (2.0) - content: none
    Microsoft.ApplicationInsights.Agent.Intercept (1.2.1) - content: none
    Microsoft.ApplicationInsights.DependencyCollector (2.0) - content: none
      Microsoft.ApplicationInsights (2.0)
      Microsoft.ApplicationInsights.Agent.Intercept (>= 1.2.1)
    Microsoft.ApplicationInsights.PerfCounterCollector (2.0) - content: none
      Microsoft.ApplicationInsights (2.0)
    Microsoft.ApplicationInsights.TraceListener (1.2.6) - content: none
      Microsoft.ApplicationInsights (>= 1.2.3)
    Microsoft.ApplicationInsights.WindowsServer (2.0) - content: none
      Microsoft.ApplicationInsights (2.0)
      Microsoft.ApplicationInsights.DependencyCollector (>= 2.0)
      Microsoft.ApplicationInsights.PerfCounterCollector (>= 2.0)
      Microsoft.ApplicationInsights.WindowsServer.TelemetryChannel (2.0)
    Microsoft.ApplicationInsights.WindowsServer.TelemetryChannel (2.0) - content: none
      Microsoft.ApplicationInsights (2.0)
    Microsoft.Owin (3.0.1)
      Owin (>= 1.0)
    Microsoft.Owin.Host.SystemWeb (3.0.1)
      Microsoft.Owin (>= 3.0.1)
      Owin (>= 1.0)
    Mono.Cecil (0.9.6.1)
    Owin (1.0)
    SourceLink.Fake (1.1)
    Suave (1.1.2)
      FSharp.Core (>= 3.1.2.5)
    WebSharper (3.6.11.234)
    WebSharper.Owin (3.6.10.125)
      Microsoft.Owin (>= 3.0.1)
      Owin (>= 1.0)
      WebSharper (>= 3.6.11.234)
    WebSharper.Suave (3.6.10.37)
      Mono.Cecil (>= 0.9.6.1)
      Suave (>= 1.1.1)
      WebSharper (>= 3.6.11.234)
      WebSharper.Owin (>= 3.6.10.125)
    WebSharper.UI.Next (3.6.11.207)
      WebSharper (>= 3.6.11.234)
    xunit (2.1)
      xunit.assert (2.1)
      xunit.core (2.1)
    xunit.abstractions (2.0)
    xunit.assert (2.1)
    xunit.core (2.1)
      xunit.extensibility.core (2.1)
      xunit.extensibility.execution (2.1)
    xunit.extensibility.core (2.1)
      xunit.abstractions (2.0)
    xunit.extensibility.execution (2.1)
      xunit.extensibility.core (2.1)
    xunit.runner.console (2.1)
    xunit.runner.visualstudio (2.1) - version_in_path: true
