FRAMEWORK: >= NET45
NUGET
  remote: https://nuget.org/api/v2
  specs:
    FAKE (4.9.3)
    FSharp.Core (3.1.2.5)
    Microsoft.Owin (3.0.1)
      Owin (>= 1.0)
    Microsoft.Owin.FileSystems (3.0.1)
    Microsoft.Owin.Host.HttpListener (3.0.1)
    Microsoft.Owin.Hosting (3.0.1)
      Microsoft.Owin (>= 3.0.1)
      Owin (>= 1.0)
    Microsoft.Owin.StaticFiles (3.0.1)
      Microsoft.Owin (>= 3.0.1)
      Microsoft.Owin.FileSystems (>= 3.0.1)
      Owin (>= 1.0)
    Mono.Cecil (0.9.6.1)
    Owin (1.0)
    SourceLink.Fake (1.1.0)
    Suave (0.32.1)
      FSharp.Core (>= 3.1.2.5)
    WebSharper (3.5.14.215)
    WebSharper.Compiler (3.5.14.215)
      WebSharper (>= 3.5.14.215)
    WebSharper.Owin (3.5.5.112)
      Microsoft.Owin (>= 3.0.1)
      Owin (>= 1.0)
      WebSharper (>= 3.5.12.213)
    WebSharper.Suave (3.5.6.19)
      Mono.Cecil (>= 0.9.6.1)
      Suave (>= 0.32.1)
      WebSharper (>= 3.5.12.213)
      WebSharper.Owin (>= 3.5.5.112)
    WebSharper.UI.Next (3.5.17.191)
      WebSharper (>= 3.5.13.214)
    xunit (1.9.2)
    xunit.runner.console (2.1.0)
    xunit.runner.visualstudio (2.1.0) - version_in_path: true
